GEM
  remote: https://rubygems.org/
  specs:
    cabin (0.6.1)
    jls-grok (0.11.0)
      cabin (>= 0.6.0)

PLATFORMS
  ruby

DEPENDENCIES
  jls-grok
